GEM
  remote: https://rubygems.org/
  specs:
    byebug (11.1.3)
    http_logger (0.6.0)
    httparty (0.18.1)
      mime-types (~> 3.0)
      multi_xml (>= 0.5.2)
    mime-types (3.3.1)
      mime-types-data (~> 3.2015)
    mime-types-data (3.2021.0225)
    multi_xml (0.6.0)

PLATFORMS
  ruby

DEPENDENCIES
  byebug
  http_logger
  httparty

BUNDLED WITH
   2.1.4
